GEM
  remote: https://rubygems.org/
  specs:
    ruby-progressbar (1.10.0)

PLATFORMS
  ruby

DEPENDENCIES
  ruby-progressbar

BUNDLED WITH
   1.16.3
